GEM
  remote: https://rubygems.org/
  specs:
    codeclimate-test-reporter (1.0.8)
      simplecov (<= 0.13)
    dimples (3.0.0)
      tilt (~> 2.0)
      trollop (~> 2.1)
    docile (1.1.5)
    erubis (2.7.0)
    faraday (0.13.1)
      multipart-post (>= 1.2, < 3)
    json (2.1.0)
    minitest (5.10.3)
    mongoose (0.2.5)
    multipart-post (2.0.0)
    rake (12.0.0)
    redcarpet (3.4.0)
    simplecov (0.13.0)
      docile (~> 1.1.0)
      json (>= 1.8, < 3)
      simplecov-html (~> 0.10.0)
    simplecov-html (0.10.2)
    tilt (2.0.8)
    trollop (2.1.2)

PLATFORMS
  ruby

DEPENDENCIES
  codeclimate-test-reporter
  dimples
  erubis
  faraday
  minitest
  mongoose
  rake
  redcarpet
  simplecov

RUBY VERSION
   ruby 2.4.1p111

BUNDLED WITH
   1.15.1
