GEM
  remote: https://rubygems.org/
  specs:
    dimples (6.5.2)
      hashie (~> 3.5, >= 3.5.7)
      optimist (~> 3.0)
      tilt (~> 2.0)
    erubis (2.7.0)
    faraday (0.14.0)
      multipart-post (>= 1.2, < 3)
    hashie (3.6.0)
    multipart-post (2.1.1)
    optimist (3.0.0)
    redcarpet (3.4.0)
    tilt (2.0.9)

PLATFORMS
  ruby

DEPENDENCIES
  dimples
  erubis (~> 2.7.0)
  faraday (~> 0.14.0)
  redcarpet (~> 3.4.0)

RUBY VERSION
   ruby 2.6.3p62

BUNDLED WITH
   1.17.2
