GEM
  remote: https://rubygems.org/
  specs:
    dimples (2.3.1)
      tilt (~> 2.0)
      trollop (~> 2.1)
    erubis (2.7.0)
    faraday (0.12.1)
      multipart-post (>= 1.2, < 3)
    mongoose (0.2.5)
    multipart-post (2.0.0)
    oj (3.0.5)
    redcarpet (3.4.0)
    tilt (2.0.7)
    trollop (2.1.2)

PLATFORMS
  ruby

DEPENDENCIES
  dimples
  erubis
  faraday
  mongoose
  oj
  redcarpet

BUNDLED WITH
   1.14.3
