PATH
  remote: ../dimples
  specs:
    dimples (5.1.1)
      hashie (~> 3.5, >= 3.5.7)
      tilt (~> 2.0)
      trollop (~> 2.1)

GEM
  remote: https://rubygems.org/
  specs:
    erubis (2.7.0)
    faraday (0.14.0)
      multipart-post (>= 1.2, < 3)
    hashie (3.5.7)
    multipart-post (2.0.0)
    redcarpet (3.4.0)
    tilt (2.0.8)
    trollop (2.1.2)

PLATFORMS
  ruby

DEPENDENCIES
  dimples!
  erubis (~> 2.7.0)
  faraday (~> 0.14.0)
  redcarpet (~> 3.4.0)

RUBY VERSION
   ruby 2.4.3p205

BUNDLED WITH
   1.16.1
