GEM
  remote: https://rubygems.org/
  specs:
    dimples (2.0.0)
      tilt (~> 2.0)
      trollop (~> 2.1)
    erubis (2.7.0)
    faraday (0.11.0)
      multipart-post (>= 1.2, < 3)
    mongoose (0.2.5)
    multipart-post (2.0.0)
    oj (2.18.1)
    redcarpet (3.4.0)
    tilt (2.0.6)
    trollop (2.1.2)

PLATFORMS
  ruby

DEPENDENCIES
  dimples
  erubis
  faraday
  mongoose
  oj
  redcarpet

BUNDLED WITH
   1.14.3
