GEM
  remote: https://rubygems.org/
  specs:
    dimples (7.0.3)
      erubi (~> 1.10)
      redcarpet (~> 3.5)
      tilt (~> 2.0)
    erubi (1.11.0)
    redcarpet (3.5.1)
    tilt (2.0.11)

PLATFORMS
  ruby

DEPENDENCIES
  dimples (~> 7.0)

RUBY VERSION
   ruby 2.7.6p219

BUNDLED WITH
   1.17.2
