GEM
  remote: https://rubygems.org/
  specs:
    dimples (1.9.1)
      tilt (~> 2.0)
    erubis (2.7.0)
    faraday (0.9.2)
      multipart-post (>= 1.2, < 3)
    mongoose (0.2.5)
    multipart-post (2.0.0)
    oj (2.17.5)
    redcarpet (3.3.4)
    tilt (2.0.5)

PLATFORMS
  ruby

DEPENDENCIES
  dimples
  erubis
  faraday
  mongoose
  oj
  redcarpet

BUNDLED WITH
   1.11.2
